GEM
  remote: https://rubygems.org/
  specs:
    execjs (2.2.1)
    jshintrb (0.2.4)
      execjs
      multi_json (>= 1.3)
      rake
    json (1.8.1)
    multi_json (1.10.1)
    rake (10.3.2)
    uglifier (2.5.3)
      execjs (>= 0.3.0)
      json (>= 1.8.0)

PLATFORMS
  ruby

DEPENDENCIES
  jshintrb
  rake
  uglifier
