GEM
  remote: https://rubygems.org/
  specs:
    execjs (2.2.1)
    jasmine (2.0.2)
      jasmine-core (~> 2.0.0)
      phantomjs
      rack (>= 1.2.1)
      rake
    jasmine-core (2.0.2)
    jshintrb (0.2.4)
      execjs
      multi_json (>= 1.3)
      rake
    json (1.8.1)
    multi_json (1.10.1)
    phantomjs (1.9.7.1)
    rack (1.5.2)
    rake (10.3.2)
    uglifier (2.5.3)
      execjs (>= 0.3.0)
      json (>= 1.8.0)

PLATFORMS
  ruby

DEPENDENCIES
  jasmine
  jshintrb
  rake
  uglifier
